GIT
  remote: git://github.com/omgitsads/scamp-irc.git
  revision: 294d19c3e2a3a7063ac535c46781a847c4cfe79a
  specs:
    scamp-irc (0.0.1)
      eventmachine (= 1.0.0.beta.4)
      isaac (= 0.2.6)
      scamp (= 2.0.0.pre)

GIT
  remote: git://github.com/wjessop/Scamp.git
  revision: 9c58d11cfb7c3dc389cc293e67ee87a2c54628d2
  branch: 2.0
  specs:
    scamp (2.0.0.pre)
      em-http-request (~> 1.0.0.beta.4)
      eventmachine (~> 1.0.0.beta.4)
      yajl-ruby (~> 0.8.3)

GEM
  remote: http://rubygems.org/
  specs:
    activesupport (3.1.3)
      multi_json (~> 1.0)
    addressable (2.2.6)
    cookiejar (0.3.0)
    crack (0.3.1)
    curb (0.7.18)
    em-http-request (1.0.1)
      addressable (>= 2.2.3)
      cookiejar
      em-socksify
      eventmachine (>= 1.0.0.beta.4)
      http_parser.rb (>= 0.5.3)
    em-socksify (0.1.0)
      eventmachine
    eventmachine (1.0.0.beta.4)
    faraday (0.7.5)
      addressable (~> 2.2.6)
      multipart-post (~> 1.1.3)
      rack (>= 1.1.0, < 2)
    http_parser.rb (0.5.3)
    imgur (0.2.0)
      crack (>= 0.1.4)
      curb (>= 0.5.4.0)
    isaac (0.2.6)
    json (1.6.5)
    meme_generator (1.9)
      nokogiri (~> 1.4)
    multi_json (1.0.4)
    multipart-post (1.1.4)
    nokogiri (1.5.0)
    rack (1.4.0)
    simple_oauth (0.1.5)
    twitter (2.0.2)
      activesupport (>= 2.3.9, < 4)
      faraday (~> 0.7)
      multi_json (~> 1.0)
      simple_oauth (~> 0.1)
    yajl-ruby (0.8.3)

PLATFORMS
  ruby

DEPENDENCIES
  curb
  imgur
  json
  meme_generator
  nokogiri
  scamp!
  scamp-irc!
  twitter
